GIT
  remote: https://github.com/atongen/figaro.git
  revision: cad15e242c533759739620ff96cbb13adfa2b2d4
  specs:
    figaro (0.5.3)

GEM
  remote: https://rubygems.org/
  specs:
    activesupport (3.0.0)
    addressable (2.3.6)
    celluloid (0.12.3)
      facter (>= 1.6.12)
      timers (>= 1.0.0)
    connection_pool (0.9.2)
    daemons (1.1.9)
    em-websocket (0.3.8)
      addressable (>= 2.1.1)
      eventmachine (>= 0.12.9)
    etcd (0.3.0)
      mixlib-log
    eventmachine (1.0.7)
    facter (1.6.14)
    i18n (0.6.1)
    json (1.8.3)
    mail (2.4.4)
      i18n (>= 0.4.0)
      mime-types (~> 1.16)
      treetop (~> 1.4.8)
    mime-types (1.19)
    minitest (4.3.3)
    mixlib-log (1.6.0)
    polyglot (0.3.3)
    pony (1.4)
      mail (> 2.0)
    rack (1.5.2)
    rack-flash3 (1.0.3)
      rack
    rack-protection (1.2.0)
      rack
    rake (0.9.2.2)
    redcarpet (2.2.2)
    redis (3.0.2)
    redis-namespace (1.2.1)
      redis (~> 3.0.0)
    redis-objects (0.6.1)
      redis (>= 3.0.2)
    sass (3.3.4)
    sinatra (1.3.3)
      rack (~> 1.3, >= 1.3.6)
      rack-protection (~> 1.2)
      tilt (~> 1.3, >= 1.3.3)
    sinatra-websocket (0.3.0)
      em-websocket (~> 0.3.6)
      eventmachine
      thin (>= 1.3.1)
    thin (1.6.3)
      daemons (~> 1.0, >= 1.0.9)
      eventmachine (~> 1.0)
      rack (~> 1.0)
    tilt (1.3.3)
    timers (1.0.1)
    treetop (1.4.10)
      polyglot
      polyglot (>= 0.3.1)
    yard (0.8.3)

PLATFORMS
  ruby

DEPENDENCIES
  activesupport
  celluloid
  connection_pool
  etcd
  eventmachine (~> 1.0.3)
  figaro!
  i18n
  json (~> 1.8.2)
  minitest
  pony
  rack-flash3
  rake
  redcarpet
  redis
  redis-namespace
  redis-objects
  sass
  sinatra
  sinatra-websocket (~> 0.3.0)
  thin (~> 1.6.3)
  yard
