GIT
  remote: https://github.com/atongen/figaro.git
  revision: cad15e242c533759739620ff96cbb13adfa2b2d4
  specs:
    figaro (0.5.3)

GEM
  remote: https://rubygems.org/
  specs:
    activesupport (5.2.1)
      concurrent-ruby (~> 1.0, >= 1.0.2)
      i18n (>= 0.7, < 2)
      minitest (~> 5.1)
      tzinfo (~> 1.1)
    addressable (2.5.2)
      public_suffix (>= 2.0.2, < 4.0)
    celluloid (0.14.1)
      timers (>= 1.0.0)
    concurrent-ruby (1.1.3)
    connection_pool (2.2.2)
    daemons (1.2.6)
    em-websocket (0.3.8)
      addressable (>= 2.1.1)
      eventmachine (>= 0.12.9)
    eventmachine (1.2.7)
    ffi (1.9.25)
    hitimes (1.3.0)
    i18n (1.1.1)
      concurrent-ruby (~> 1.0)
    json (2.1.0)
    mail (2.7.1)
      mini_mime (>= 0.1.1)
    mini_mime (1.0.1)
    minitest (5.11.3)
    mustermann (1.0.3)
    pony (1.12)
      mail (>= 2.0)
    public_suffix (3.0.3)
    rack (2.0.6)
    rack-flash3 (1.0.5)
      rack
    rack-protection (2.0.4)
      rack
    rake (12.3.1)
    rb-fsevent (0.10.3)
    rb-inotify (0.9.10)
      ffi (>= 0.5.0, < 2)
    redcarpet (3.4.0)
    redis (3.3.5)
    redis-namespace (1.6.0)
      redis (>= 3.0.4)
    redis-objects (1.3.1)
      redis (~> 3.3)
    sass (3.7.2)
      sass-listen (~> 4.0.0)
    sass-listen (4.0.0)
      rb-fsevent (~> 0.9, >= 0.9.4)
      rb-inotify (~> 0.9, >= 0.9.7)
    sinatra (2.0.4)
      mustermann (~> 1.0)
      rack (~> 2.0)
      rack-protection (= 2.0.4)
      tilt (~> 2.0)
    sinatra-websocket (0.3.1)
      em-websocket (~> 0.3.6)
      eventmachine
      thin (>= 1.3.1, < 2.0.0)
    thin (1.7.2)
      daemons (~> 1.0, >= 1.0.9)
      eventmachine (~> 1.0, >= 1.0.4)
      rack (>= 1, < 3)
    thread_safe (0.3.6)
    tilt (2.0.8)
    timers (2.0.0)
      hitimes
    tzinfo (1.2.5)
      thread_safe (~> 0.1)
    yard (0.9.16)

PLATFORMS
  ruby

DEPENDENCIES
  activesupport
  celluloid
  connection_pool
  eventmachine
  figaro!
  i18n
  json
  minitest
  pony
  rack-flash3
  rake
  redcarpet
  redis (~> 3.0)
  redis-namespace
  redis-objects
  sass
  sinatra
  sinatra-websocket (~> 0.3.0)
  thin (~> 1.7.0)
  timers (~> 2.0.0)
  yard

BUNDLED WITH
   1.16.6
