GEM
  remote: https://rubygems.org/
  specs:
    POpen4 (0.1.4)
      Platform (>= 0.4.0)
      open4
    Platform (0.4.0)
    addressable (2.3.2)
    celluloid (0.12.3)
      facter (>= 1.6.12)
      timers (>= 1.0.0)
    daemons (1.1.9)
    em-websocket (0.3.8)
      addressable (>= 2.1.1)
      eventmachine (>= 0.12.9)
    eventmachine (1.0.0)
    facter (1.6.14)
    json (1.7.3)
    open4 (1.3.0)
    rack (1.4.1)
    rack-protection (1.2.0)
      rack
    rake (0.9.2.2)
    redis (3.0.2)
    redis-objects (0.5.3)
      redis (>= 2.1.1)
    sinatra (1.3.3)
      rack (~> 1.3, >= 1.3.6)
      rack-protection (~> 1.2)
      tilt (~> 1.3, >= 1.3.3)
    sinatra-websocket (0.1.2)
      em-websocket (~> 0.3.6)
      eventmachine
      thin (~> 1.3.1)
    thin (1.3.1)
      daemons (>= 1.0.9)
      eventmachine (>= 0.12.6)
      rack (>= 1.0.0)
    tilt (1.3.3)
    timers (1.0.1)
    yui-compressor (0.9.6)
      POpen4 (>= 0.1.4)

PLATFORMS
  ruby

DEPENDENCIES
  celluloid
  json
  rake
  redis
  redis-objects
  sinatra
  sinatra-websocket
  thin
  yui-compressor
